GEM
  remote: https://rubygems.org/
  specs:
    dotenv (2.7.6)
    rack (1.5.2)
    rack-protection (1.5.0)
      rack
    sinatra (1.4.3)
      rack (~> 1.4)
      rack-protection (~> 1.4)
      tilt (~> 1.3, >= 1.3.4)
    tilt (1.4.1)

PLATFORMS
  ruby

DEPENDENCIES
  dotenv
  sinatra

RUBY VERSION
   ruby 2.4.10p364

BUNDLED WITH
   1.17.3
